GEM
  remote: https://rubygems.org/
  specs:
    erubis (2.7.0)
    pg (1.2.2)
    rack (2.1.1)
    roda (3.28.0)
      rack
    sequel (5.28.0)
    tilt (2.0.10)

PLATFORMS
  ruby

DEPENDENCIES
  erubis
  pg
  roda
  sequel
  tilt

BUNDLED WITH
   1.17.2
